GIT
  remote: git://github.com/lotus/controller.git
  revision: b58a351d8bc0dfca595fbdd3050ec6189dbbfa58
  specs:
    lotus-controller (0.4.4)
      lotus-utils (~> 0.5)
      lotus-validations (~> 0.3)
      rack (~> 1.5)

GIT
  remote: git://github.com/lotus/helpers.git
  revision: 769757e3df60648a63371104d8f1258b4191e6a5
  specs:
    lotus-helpers (0.2.0)
      lotus-utils (~> 0.5)

GIT
  remote: git://github.com/lotus/lotus.git
  revision: 73f039653602e21f6ce1937cb6a1fb897229787f
  specs:
    lotusrb (0.4.0)
      dotenv (~> 2.0)
      lotus-controller (~> 0.4, >= 0.4.4)
      lotus-helpers (~> 0.2)
      lotus-router (~> 0.4, >= 0.4.1)
      lotus-utils (~> 0.5)
      lotus-view (~> 0.4)
      shotgun (~> 0.9)
      thor (~> 0.19)

GIT
  remote: git://github.com/lotus/model.git
  revision: 917d12783cf3acb6127660c5b12ed92fc5ba3fc3
  specs:
    lotus-model (0.4.0)
      lotus-utils (~> 0.5)
      sequel (~> 4.9)

GIT
  remote: git://github.com/lotus/router.git
  revision: d4b49b2bfd0c4c0a70394c24a25882579857ce1e
  specs:
    lotus-router (0.4.2)
      http_router (~> 0.11)
      lotus-utils (~> 0.5, >= 0.5.1)

GIT
  remote: git://github.com/lotus/utils.git
  revision: a25b6f409d651e10a824a547553994518c0f9321
  specs:
    lotus-utils (0.5.1)

GIT
  remote: git://github.com/lotus/validations.git
  revision: a56f2a552fc58f633ebe943a4a5d01320fe7bdda
  specs:
    lotus-validations (0.3.2)
      lotus-utils (~> 0.5)

GIT
  remote: git://github.com/lotus/view.git
  revision: b170f796d487abeca663d4d2c0751f6b22683b4f
  specs:
    lotus-view (0.4.2)
      lotus-utils (~> 0.5)
      tilt (~> 2.0, >= 2.0.1)

GEM
  remote: https://rubygems.org/
  specs:
    capybara (2.4.4)
      mime-types (>= 1.16)
      nokogiri (>= 1.3.3)
      rack (>= 1.0.0)
      rack-test (>= 0.5.4)
      xpath (~> 2.0)
    dotenv (2.0.2)
    http_router (0.11.1)
      rack (>= 1.0.0)
      url_mount (~> 0.2.1)
    mime-types (2.6.1)
    mini_portile (0.6.2)
    minitest (5.7.0)
    nokogiri (1.6.6.2)
      mini_portile (~> 0.6.0)
    pg (0.18.2)
    rack (1.6.4)
    rack-test (0.6.3)
      rack (>= 1.0)
    rake (10.4.2)
    sequel (4.24.0)
    shotgun (0.9.1)
      rack (>= 1.0)
    thor (0.19.1)
    tilt (2.0.1)
    url_mount (0.2.1)
      rack
    xpath (2.0.0)
      nokogiri (~> 1.3)

PLATFORMS
  ruby

DEPENDENCIES
  bundler
  capybara
  lotus-controller!
  lotus-helpers!
  lotus-model!
  lotus-router!
  lotus-utils!
  lotus-validations!
  lotus-view!
  lotusrb!
  minitest
  pg
  rake

BUNDLED WITH
   1.10.2
